PATH
  remote: ..
  specs:
    d-mark (1.0.0b1)

GEM
  remote: https://rubygems.org/
  specs:
    addressable (2.8.0)
      public_suffix (>= 2.0.2, < 5.0)
    adsf (1.4.2)
      rack (>= 1.0.0, < 3.0.0)
    adsf-live (1.4.2)
      adsf (~> 1.3)
      em-websocket (~> 0.5)
      eventmachine (~> 1.2)
      listen (~> 3.0)
      rack-livereload (~> 0.3)
    colored (1.2)
    concurrent-ruby (1.1.5)
    cri (2.15.7)
    ddmemoize (1.0.0)
      ddmetrics (~> 1.0)
      ref (~> 2.0)
    ddmetrics (1.0.1)
    ddplugin (1.0.2)
    diff-lcs (1.3)
    em-websocket (0.5.1)
      eventmachine (>= 0.12.9)
      http_parser.rb (~> 0.6.0)
    equatable (0.5.0)
    eventmachine (1.2.7)
    ffi (1.11.1)
    hamster (3.0.0)
      concurrent-ruby (~> 1.0)
    http_parser.rb (0.6.0)
    json_schema (0.20.6)
    listen (3.1.5)
      rb-fsevent (~> 0.9, >= 0.9.4)
      rb-inotify (~> 0.9, >= 0.9.7)
      ruby_dep (~> 1.2)
    mini_portile2 (2.5.1)
    nanoc (4.11.5)
      addressable (~> 2.5)
      colored (~> 1.2)
      cri (~> 2.15)
      nanoc-core (= 4.11.5)
      parallel (~> 1.12)
      tomlrb (~> 1.2)
      tty-command (~> 0.8)
      tty-file (~> 0.7)
      tty-platform (~> 0.2)
      tty-which (~> 0.4)
    nanoc-core (4.11.5)
      ddmemoize (~> 1.0)
      ddmetrics (~> 1.0)
      ddplugin (~> 1.0)
      hamster (~> 3.0)
      json_schema (~> 0.19)
      slow_enumerator_tools (~> 1.0)
      zeitwerk (~> 2.1)
    nanoc-live (1.0.0b1)
      adsf-live (~> 1.4)
      listen (~> 3.0)
      nanoc (~> 4.8, >= 4.8.16)
    necromancer (0.5.0)
    nokogiri (1.11.4)
      mini_portile2 (~> 2.5.0)
      racc (~> 1.4)
    parallel (1.17.0)
    pastel (0.7.2)
      equatable (~> 0.5.0)
      tty-color (~> 0.4.0)
    public_suffix (4.0.6)
    racc (1.5.2)
    rack (2.2.3)
    rack-livereload (0.3.17)
      rack
    rb-fsevent (0.10.3)
    rb-inotify (0.10.0)
      ffi (~> 1.0)
    ref (2.0.0)
    rouge (3.3.0)
    ruby_dep (1.5.0)
    slow_enumerator_tools (1.1.0)
    tomlrb (1.2.8)
    tty-color (0.4.3)
    tty-command (0.8.2)
      pastel (~> 0.7.0)
    tty-cursor (0.7.0)
    tty-file (0.7.1)
      diff-lcs (~> 1.3)
      pastel (~> 0.7.2)
      tty-prompt (~> 0.18)
    tty-platform (0.2.0)
    tty-prompt (0.19.0)
      necromancer (~> 0.5.0)
      pastel (~> 0.7.0)
      tty-reader (~> 0.6.0)
    tty-reader (0.6.0)
      tty-cursor (~> 0.7)
      tty-screen (~> 0.7)
      wisper (~> 2.0.0)
    tty-screen (0.7.0)
    tty-which (0.4.0)
    wisper (2.0.0)
    zeitwerk (2.1.6)

PLATFORMS
  ruby

DEPENDENCIES
  adsf
  d-mark!
  nanoc (~> 4.9)
  nanoc-live (= 1.0.0b1)
  nokogiri
  rouge

BUNDLED WITH
   1.17.3
