PATH
  remote: ..
  specs:
    d-mark (1.0.0a3)

GEM
  remote: https://rubygems.org/
  specs:
    adsf (1.2.1)
      rack (>= 1.0.0)
    colored (1.2)
    concurrent-ruby (1.0.4)
    cri (2.7.1)
      colored (~> 1.2)
    hamster (3.0.0)
      concurrent-ruby (~> 1.0)
    mini_portile2 (2.1.0)
    nanoc (4.4.7)
      cri (~> 2.3)
      hamster (~> 3.0)
      ref (~> 2.0)
    nanoc-git (1.0.1)
      nanoc (>= 3.7.0, < 5.0.0)
    nokogiri (1.7.0.1)
      mini_portile2 (~> 2.1.0)
    rack (2.0.1)
    ref (2.0.0)
    rouge (2.0.7)

PLATFORMS
  ruby

DEPENDENCIES
  adsf
  d-mark!
  nanoc (~> 4.1)
  nanoc-git (~> 1.0)
  nokogiri
  rouge

BUNDLED WITH
   1.13.7
